GIT
  remote: https://github.com/CDRH/datura.git
  revision: 0b608c9cd291a5491f93ab7629dd66d1902978a3
  branch: dev
  specs:
    datura (0.2.0)
      byebug (~> 11.0)
      colorize (~> 0.8.1)
      nokogiri (~> 1.10)
      pdf-reader (~> 2.12)
      rest-client (~> 2.1)

GEM
  remote: https://rubygems.org/
  specs:
    Ascii85 (2.0.1)
    afm (0.2.2)
    bigdecimal (3.2.2)
    byebug (11.1.3)
    colorize (0.8.1)
    domain_name (0.6.20240107)
    hashery (2.1.2)
    http-accept (1.7.0)
    http-cookie (1.0.8)
      domain_name (~> 0.5)
    logger (1.7.0)
    mime-types (3.7.0)
      logger
      mime-types-data (~> 3.2025, >= 3.2025.0507)
    mime-types-data (3.2025.0603)
    mini_portile2 (2.8.9)
    netrc (0.11.0)
    nokogiri (1.18.8)
      mini_portile2 (~> 2.8.2)
      racc (~> 1.4)
    pdf-reader (2.14.1)
      Ascii85 (>= 1.0, < 3.0, != 2.0.0)
      afm (~> 0.2.1)
      hashery (~> 2.0)
      ruby-rc4
      ttfunk
    racc (1.8.1)
    rest-client (2.1.0)
      http-accept (>= 1.7.0, < 2.0)
      http-cookie (>= 1.0.2, < 2.0)
      mime-types (>= 1.16, < 4.0)
      netrc (~> 0.8)
    ruby-rc4 (0.1.5)
    ttfunk (1.8.0)
      bigdecimal (~> 3.1)

PLATFORMS
  ruby

DEPENDENCIES
  byebug
  datura!
  pdf-reader

BUNDLED WITH
   2.3.3
